GEM
  remote: https://rubygems.org/
  specs:
    bitters (1.5.0)
      bourbon (~> 5.0.0.beta.7)
      sass (~> 3.4)
      thor (~> 0.19)
    bourbon (5.0.0.beta.7)
      sass (~> 3.4.22)
      thor (~> 0.19.1)
    neat (2.0.0)
      sass (~> 3.4)
      thor (~> 0.19)
    sass (3.4.23)
    thor (0.19.4)

PLATFORMS
  ruby

DEPENDENCIES
  bitters
  bourbon
  neat

BUNDLED WITH
   1.12.5
